GEM
  remote: https://rubygems.org/
  specs:
    CFPropertyList (2.2.8)
    diff-lcs (1.2.5)
    facter (2.1.0)
      CFPropertyList (~> 2.2.6)
    hiera (1.3.4)
      json_pure
    hiera-puppet (1.0.0)
      hiera (~> 1.0)
    json_pure (1.8.1)
    metaclass (0.0.4)
    mocha (1.1.0)
      metaclass (~> 0.0.1)
    puppet (3.6.2)
      facter (> 1.6, < 3)
      hiera (~> 1.0)
      json_pure
      rgen (~> 0.6.5)
    puppet-lint (0.3.2)
    puppetlabs_spec_helper (0.5.2)
      mocha
      puppet-lint
      rake
      rspec
      rspec-puppet
    rake (10.3.2)
    rgen (0.6.6)
    rspec (3.0.0)
      rspec-core (~> 3.0.0)
      rspec-expectations (~> 3.0.0)
      rspec-mocks (~> 3.0.0)
    rspec-core (3.0.2)
      rspec-support (~> 3.0.0)
    rspec-expectations (3.0.2)
      diff-lcs (>= 1.2.0, < 2.0)
      rspec-support (~> 3.0.0)
    rspec-hiera-puppet (1.0.0)
      hiera (>= 1.0)
      hiera-puppet (>= 1.0)
      puppet (>= 3.0)
      rspec
      rspec-puppet
    rspec-mocks (3.0.2)
      rspec-support (~> 3.0.0)
    rspec-puppet (1.0.1)
      rspec
    rspec-support (3.0.2)

PLATFORMS
  ruby

DEPENDENCIES
  facter
  puppet
  puppet-lint (= 0.3.2)
  puppetlabs_spec_helper
  rake
  rspec-hiera-puppet
  rspec-mocks
  rspec-puppet
